GEM
  remote: https://rubygems.org/
  specs:
    actionmailer (1.3.5)
      actionpack (= 1.13.5)
    actionpack (1.13.5)
      activesupport (= 1.4.4)
    actionwebservice (1.2.5)
      actionpack (= 1.13.5)
      activerecord (= 1.15.5)
    activerecord (1.15.5)
      activesupport (= 1.4.4)
    activesupport (1.4.4)
    flexmock (0.9.0)
    json (1.8.1)
    mysql (2.8.1)
    rails (1.2.5)
      actionmailer (= 1.3.5)
      actionpack (= 1.13.5)
      actionwebservice (= 1.2.5)
      activerecord (= 1.15.5)
      activesupport (= 1.4.4)
      rake (>= 0.7.2)
    rake (0.8.3)

PLATFORMS
  ruby

DEPENDENCIES
  flexmock (= 0.9.0)
  json (= 1.8.1)
  mysql (= 2.8.1)
  rails (= 1.2.5)
  rake (= 0.8.3)
