GEM
  remote: https://rubygems.org/
  specs:
    actionmailer (1.3.6)
      actionpack (= 1.13.6)
    actionpack (1.13.6)
      activesupport (= 1.4.4)
    actionwebservice (1.2.6)
      actionpack (= 1.13.6)
      activerecord (= 1.15.6)
    activerecord (1.15.6)
      activesupport (= 1.4.4)
    activesupport (1.4.4)
    cgi_multipart_eof_fix (2.5.0)
    daemons (1.2.2)
    fastthread (1.0.7)
    flexmock (0.9.0)
    gem_plugin (0.2.3)
    json (1.8.1)
    mongrel (1.1.5)
      cgi_multipart_eof_fix (>= 2.4)
      daemons (>= 1.0.3)
      fastthread (>= 1.0.1)
      gem_plugin (>= 0.2.3)
    mysql (2.8.1)
    rails (1.2.6)
      actionmailer (= 1.3.6)
      actionpack (= 1.13.6)
      actionwebservice (= 1.2.6)
      activerecord (= 1.15.6)
      activesupport (= 1.4.4)
      rake (>= 0.7.2)
    rake (0.8.3)
    rmagick (2.13.3)

PLATFORMS
  ruby

DEPENDENCIES
  flexmock (= 0.9.0)
  json (= 1.8.1)
  mongrel (= 1.1.5)
  mysql (= 2.8.1)
  rails (= 1.2.6)
  rake (= 0.8.3)
  rmagick (= 2.13.3)
