GEM
  remote: https://rubygems.org/
  specs:
    activemodel (3.2.21)
      activesupport (= 3.2.21)
      builder (~> 3.0.0)
    activerecord (3.2.21)
      activemodel (= 3.2.21)
      activesupport (= 3.2.21)
      arel (~> 3.0.2)
      tzinfo (~> 0.3.29)
    activesupport (3.2.21)
      i18n (~> 0.6, >= 0.6.4)
      multi_json (~> 1.0)
    acts_as_tree_rails3 (0.1.0)
    arel (3.0.3)
    builder (3.0.4)
    bundler-audit (0.3.1)
      bundler (~> 1.2)
      thor (~> 0.18)
    i18n (0.7.0)
    multi_json (1.11.0)
    mysql (2.9.1)
    puma (2.11.1)
      rack (>= 1.1, < 2.0)
    rack (1.6.0)
    rack-protection (1.5.3)
      rack
    sinatra (1.4.6)
      rack (~> 1.4)
      rack-protection (~> 1.4)
      tilt (>= 1.3, < 3)
    sinatra-activerecord (2.0.6)
      activerecord (>= 3.2)
      sinatra (~> 1.0)
    thor (0.19.1)
    tilt (2.0.1)
    tzinfo (0.3.44)

PLATFORMS
  ruby

DEPENDENCIES
  activerecord (~> 3.0)
  acts_as_tree_rails3
  bundler-audit (= 0.3.1)
  mysql
  puma (= 2.11.1)
  sinatra (= 1.4.6)
  sinatra-activerecord
